PATH
  remote: .
  specs:
    hastur (0.0.1)
      bluepill
      cassandra
      ffi-rzmq
      msgpack
      multi_json
      rainbow
      termite
      thrift_client (~> 0.7.0)
      trollop
      uuid
      yajl-ruby

GEM
  remote: http://rubygems.org/
  remote: http://gems.sv2/
  specs:
    activesupport (3.2.1)
      i18n (~> 0.6)
      multi_json (~> 1.0)
    bluepill (0.0.58)
      activesupport (>= 3.0.0)
      daemons (~> 1.1.4, <= 1.1.6)
      i18n (>= 0.5.0)
      state_machine (~> 1.1.0)
    cassandra (0.12.1)
      json
      rake
      simple_uuid (>= 0.2.0)
      thrift_client (>= 0.7.0)
    daemons (1.1.6)
    ecology (0.0.17)
      erubis
      multi_json
    erubis (2.7.0)
    ffi (1.0.11)
    ffi-rzmq (0.9.3)
      ffi
    i18n (0.6.0)
    json (1.6.5)
    macaddr (1.5.0)
      systemu (>= 2.4.0)
    metaclass (0.0.1)
    minitest (2.11.1)
    mocha (0.10.4)
      metaclass (~> 0.0.1)
    msgpack (0.4.6)
    multi_json (1.1.0)
    rack (1.4.1)
    rack-protection (1.2.0)
      rack
    rainbow (1.1.3)
    rake (0.9.2.2)
    rerun (0.6.5)
    scope (0.2.3)
      minitest
    simple_uuid (0.2.0)
    sinatra (1.3.2)
      rack (~> 1.3, >= 1.3.6)
      rack-protection (~> 1.2)
      tilt (~> 1.3, >= 1.3.3)
    state_machine (1.1.2)
    systemu (2.4.2)
    termite (0.0.14)
      ecology (~> 0.0.6)
      multi_json
    thrift (0.7.0)
    thrift_client (0.7.1)
      thrift (~> 0.7.0)
    tilt (1.3.3)
    trollop (1.16.2)
    uuid (2.3.5)
      macaddr (~> 1.0)
    yajl-ruby (1.1.0)

PLATFORMS
  ruby

DEPENDENCIES
  erubis
  hastur!
  mocha
  rerun
  scope
  sinatra
