PATH
  remote: .
  specs:
    hastur-server (0.0.1)
      algorithms
      bluepill
      cassandra
      ffi-rzmq
      hastur (~> 1.0.1)
      httparty
      msgpack
      multi_json
      rainbow
      sinatra
      termite
      thrift_client (~> 0.7.0)
      trollop
      uuid
      yajl-ruby

GEM
  remote: http://rubygems.org/
  remote: http://gems.sv2/
  specs:
    activesupport (3.2.2)
      i18n (~> 0.6)
      multi_json (~> 1.0)
    algorithms (0.3.0)
    bluepill (0.0.60)
      activesupport (>= 3.0.0)
      daemons (~> 1.1.4, <= 1.1.6)
      i18n (>= 0.5.0)
      state_machine (~> 1.1.0)
    cassandra (0.12.1)
      json
      rake
      simple_uuid (>= 0.2.0)
      thrift_client (>= 0.7.0)
    chronic (0.6.7)
    daemons (1.1.6)
    ecology (0.0.17)
      erubis
      multi_json
    erubis (2.7.0)
    ffi (1.0.11)
    ffi-rzmq (0.9.3)
      ffi
    hastur (1.0.2)
      chronic
      multi_json
    httparty (0.8.1)
      multi_json
      multi_xml
    i18n (0.6.0)
    json (1.6.5)
    macaddr (1.5.0)
      systemu (>= 2.4.0)
    metaclass (0.0.1)
    minitest (2.11.3)
    mocha (0.10.5)
      metaclass (~> 0.0.1)
    msgpack (0.4.6)
    multi_json (1.1.0)
    multi_xml (0.4.2)
    nodule (0.0.11)
      cassandra
      ffi-rzmq
      rainbow
    rack (1.4.1)
    rack-protection (1.2.0)
      rack
    rainbow (1.1.3)
    rake (0.9.2.2)
    redcarpet (2.1.0)
    rerun (0.6.5)
    scope (0.2.3)
      minitest
    simple_uuid (0.2.0)
    simplecov (0.4.2)
      simplecov-html (~> 0.4.4)
    simplecov-html (0.4.5)
    sinatra (1.3.2)
      rack (~> 1.3, >= 1.3.6)
      rack-protection (~> 1.2)
      tilt (~> 1.3, >= 1.3.3)
    state_machine (1.1.2)
    systemu (2.4.2)
    termite (0.0.14)
      ecology (~> 0.0.6)
      multi_json
    test-unit (2.4.8)
    thrift (0.7.0)
    thrift_client (0.7.1)
      thrift (~> 0.7.0)
    tilt (1.3.3)
    trollop (1.16.2)
    uuid (2.3.5)
      macaddr (~> 1.0)
    yajl-ruby (1.1.0)
    yard (0.7.5)

PLATFORMS
  ruby

DEPENDENCIES
  erubis
  hastur-server!
  mocha
  nodule (~> 0.0.11)
  redcarpet
  rerun
  scope
  simplecov
  test-unit (~> 2.4.3)
  yard
