PATH
  remote: .
  specs:
    hastur (0.0.1)
      bluepill
      cassandra-cql
      ffi-rzmq
      multi_json
      termite
      trollop
      uuid
      yajl-ruby

GEM
  remote: http://rubygems.org/
  remote: http://gems.sv2/
  specs:
    activesupport (3.2.1)
      i18n (~> 0.6)
      multi_json (~> 1.0)
    bluepill (0.0.55)
      activesupport (>= 3.0.0)
      daemons (~> 1.1.4)
      i18n (>= 0.5.0)
      state_machine (~> 1.1.0)
    cassandra-cql (1.0.2)
      simple_uuid (>= 0.2.0)
      thrift_client (>= 0.7.1)
    daemons (1.1.8)
    ecology (0.0.17)
      erubis
      multi_json
    erubis (2.7.0)
    ffi (1.0.11)
    ffi-rzmq (0.9.3)
      ffi
    i18n (0.6.0)
    macaddr (1.5.0)
      systemu (>= 2.4.0)
    metaclass (0.0.1)
    minitest (2.11.0)
    mocha (0.10.3)
      metaclass (~> 0.0.1)
    multi_json (1.0.4)
    rainbow (1.1.3)
    scope (0.2.3)
      minitest
    simple_uuid (0.2.0)
    state_machine (1.1.2)
    systemu (2.4.2)
    termite (0.0.12)
      ecology (~> 0.0.6)
      multi_json
    thrift (0.8.0)
    thrift_client (0.8.1)
      thrift (~> 0.8.0)
    trollop (1.16.2)
    uuid (2.3.5)
      macaddr (~> 1.0)
    yajl-ruby (1.1.0)

PLATFORMS
  ruby

DEPENDENCIES
  erubis
  hastur!
  mocha
  rainbow
  scope
